GIT
  remote: git://github.com/alno/irwi.git
  revision: b78694c09f5ae6e292646b2ad27f15cfccc690b1
  ref: b78694
  specs:
    irwi (0.4.1)
      actionpack (>= 3.0.0)
      actionpack (>= 3.0.0)
      activerecord (>= 3.0.0)
      activesupport (>= 3.0.0)
      diff-lcs (>= 1.1.2)
      rails_autolink (>= 1.0)

GIT
  remote: git://github.com/interactivethings/nkss-rails.git
  revision: f044889ad85da1c7c922a8bb4582914931b16bdb
  specs:
    nkss-rails (0.0.1)
      BlueCloth
      ffaker
      haml
      kss
      rails (~> 3.2.0)

GIT
  remote: git://github.com/justcfx2u/ruby-net-ldap.git
  revision: 656039cee0708bb7cb5673eade7a821df03b5d9a
  specs:
    net-ldap (0.4.0)

GEM
  remote: http://rubygems.org/
  remote: http://gems.github.com/
  specs:
    BlueCloth (1.0.1)
    RedCloth (4.2.9)
    RedCloth (4.2.9-java)
    ZenTest (4.8.2)
    actionmailer (3.2.8)
      actionpack (= 3.2.8)
      mail (~> 2.4.4)
    actionpack (3.2.8)
      activemodel (= 3.2.8)
      activesupport (= 3.2.8)
      builder (~> 3.0.0)
      erubis (~> 2.7.0)
      journey (~> 1.0.4)
      rack (~> 1.4.0)
      rack-cache (~> 1.2)
      rack-test (~> 0.6.1)
      sprockets (~> 2.1.3)
    activemodel (3.2.8)
      activesupport (= 3.2.8)
      builder (~> 3.0.0)
    activerecord (3.2.8)
      activemodel (= 3.2.8)
      activesupport (= 3.2.8)
      arel (~> 3.0.2)
      tzinfo (~> 0.3.29)
    activerecord-jdbc-adapter (1.2.2)
    activerecord-jdbcpostgresql-adapter (1.2.2)
      activerecord-jdbc-adapter (~> 1.2.2)
      jdbc-postgres (>= 9.0, < 9.2)
    activeresource (3.2.8)
      activemodel (= 3.2.8)
      activesupport (= 3.2.8)
    activesupport (3.2.8)
      i18n (~> 0.6)
      multi_json (~> 1.0)
    addressable (2.3.2)
    arel (3.0.2)
    autotest (4.4.6)
      ZenTest (>= 4.4.1)
    bouncy-castle-java (1.5.0146.1)
    builder (3.0.3)
    capistrano (2.13.4)
      highline
      net-scp (>= 1.0.0)
      net-sftp (>= 2.0.0)
      net-ssh (>= 2.0.14)
      net-ssh-gateway (>= 1.1.0)
    capistrano-ext (1.2.1)
      capistrano (>= 1.0.0)
    capybara (1.1.2)
      mime-types (>= 1.16)
      nokogiri (>= 1.3.3)
      rack (>= 1.0.0)
      rack-test (>= 0.5.4)
      selenium-webdriver (~> 2.0)
      xpath (~> 0.1.4)
    capybara-screenshot (0.2.2)
      capybara (>= 1.0)
    childprocess (0.3.5)
      ffi (~> 1.0, >= 1.0.6)
    chunky_png (1.2.6)
    clbustos-rtf (0.4.2)
    coderay (1.0.7)
    coffee-filter (0.1.1)
      coffee-script (>= 2.2.0)
      haml (>= 3.0.18)
    coffee-rails (3.2.2)
      coffee-script (>= 2.2.0)
      railties (~> 3.2.0)
    coffee-script (2.2.0)
      coffee-script-source
      execjs
    coffee-script-source (1.3.3)
    compass (0.12.2)
      chunky_png (~> 1.2)
      fssm (>= 0.2.7)
      sass (~> 3.1)
    compass-rails (1.0.3)
      compass (>= 0.12.2, < 0.14)
    composite_primary_keys (5.0.9)
      activerecord (~> 3.2.0, >= 3.2.8)
    cucumber (1.2.1)
      builder (>= 2.1.2)
      diff-lcs (>= 1.1.3)
      gherkin (~> 2.11.0)
      json (>= 1.4.6)
    cucumber-rails (1.3.0)
      capybara (>= 1.1.2)
      cucumber (>= 1.1.8)
      nokogiri (>= 1.5.0)
    daemons (1.1.9)
    database_cleaner (0.8.0)
    diff-lcs (1.1.3)
    dirty-memoize (0.0.4)
    distribution (0.7.0)
    erubis (2.7.0)
    eventmachine (1.0.0)
    execjs (1.4.0)
      multi_json (~> 1.0)
    extendmatrix (0.3.1)
    factory_girl (4.1.0)
      activesupport (>= 3.0.0)
    factory_girl_rails (4.1.0)
      factory_girl (~> 4.1.0)
      railties (>= 3.0.0)
    faker (1.1.2)
      i18n (~> 0.5)
    faraday (0.8.4)
      multipart-post (~> 1.1)
    fastercsv (1.5.5)
    faye-websocket (0.4.6)
      eventmachine (>= 0.12.0)
    ffaker (1.15.0)
    ffi (1.1.5)
    ffi (1.1.5-java)
    foreigner (1.2.1)
      activerecord (>= 3.0.0)
    fssm (0.2.9)
    gherkin (2.11.2)
      json (>= 1.4.6)
    gherkin (2.11.2-java)
      json (>= 1.4.6)
    guard (1.4.0)
      listen (>= 0.4.2)
      thor (>= 0.14.6)
    guard-cucumber (1.2.0)
      cucumber (>= 1.2.0)
      guard (>= 1.1.0)
    guard-rspec (1.2.1)
      guard (>= 1.1)
    guard-spork (1.2.1)
      childprocess (>= 0.2.3)
      guard (>= 1.1)
      spork (>= 0.8.4)
      sys-proctable
    haml (3.1.7)
    haml_assets (0.1.0)
      haml
      tilt
    haml_coffee_assets (1.5.1)
      coffee-script (>= 1.0.0)
      sprockets (>= 2.0.3)
      tilt (>= 1.3.3)
    highline (1.6.15)
    hike (1.2.1)
    http_parser.rb (0.5.3)
    i18n (0.6.1)
    jdbc-postgres (9.1.901)
    journey (1.0.4)
    jquery-rails (1.0.16)
      railties (~> 3.0)
      thor (~> 0.14)
    jquery-tmpl-rails (1.1.0)
      rails (>= 3.1.0)
    jruby-openssl (0.7.7)
      bouncy-castle-java (>= 1.5.0146.1)
    jruby-pageant (1.1.1)
    jruby-pageant (1.1.1-java)
    json (1.7.5)
    json (1.7.5-java)
    kss (0.4.0)
    launchy (2.1.2)
      addressable (~> 2.3)
    launchy (2.1.2-java)
      addressable (~> 2.3)
      ffi (~> 1.1.1)
      spoon (~> 0.0.1)
    ledermann-rails-settings (1.2.0)
      activerecord (>= 2.3)
    libv8 (3.3.10.4)
    libwebsocket (0.1.5)
      addressable
    listen (0.5.3)
    mail (2.4.4)
      i18n (>= 0.4.0)
      mime-types (~> 1.16)
      treetop (~> 1.4.8)
    memcache-client (1.8.5)
    method_source (0.8)
    mime-types (1.19)
    minimization (0.2.1)
      text-table (~> 1.2)
    multi_json (1.3.6)
    multipart-post (1.1.5)
    nested_set (1.7.1)
      activerecord (>= 3.0.0)
      railties (>= 3.0.0)
    net-scp (1.0.4)
      net-ssh (>= 1.99.1)
    net-sftp (2.0.5)
      net-ssh (>= 2.0.9)
    net-ssh (2.6.0)
      jruby-pageant (>= 1.1.1)
    net-ssh-gateway (1.1.0)
      net-ssh (>= 1.99.1)
    newrelic_rpm (3.4.2.1)
    nokogiri (1.5.5)
    nokogiri (1.5.5-java)
    pg (0.14.1)
    poltergeist (1.0.1)
      capybara (~> 1.1)
      childprocess (~> 0.3)
      faye-websocket (~> 0.4, >= 0.4.4)
      http_parser.rb (~> 0.5.3)
      multi_json (~> 1.0)
    polyglot (0.3.3)
    prawn (0.8.4)
      prawn-core (>= 0.8.4, < 0.9)
      prawn-layout (>= 0.8.4, < 0.9)
      prawn-security (>= 0.8.4, < 0.9)
    prawn-core (0.8.4)
    prawn-layout (0.8.4)
    prawn-security (0.8.4)
    prawn-svg (0.9.1.11)
      prawn (>= 0.8.4)
    pry (0.9.10)
      coderay (~> 1.0.5)
      method_source (~> 0.8)
      slop (~> 3.3.1)
    pry (0.9.10-java)
      coderay (~> 1.0.5)
      method_source (~> 0.8)
      slop (~> 3.3.1)
      spoon (~> 0.0)
    quiet_assets (1.0.1)
      railties (~> 3.1)
    rack (1.4.1)
    rack-cache (1.2)
      rack (>= 0.4)
    rack-ssl (1.3.2)
      rack
    rack-test (0.6.2)
      rack (>= 1.0)
    railroady (1.1.0)
    rails (3.2.8)
      actionmailer (= 3.2.8)
      actionpack (= 3.2.8)
      activerecord (= 3.2.8)
      activeresource (= 3.2.8)
      activesupport (= 3.2.8)
      bundler (~> 1.0)
      railties (= 3.2.8)
    rails_autolink (1.0.9)
      rails (~> 3.1)
    railties (3.2.8)
      actionpack (= 3.2.8)
      activesupport (= 3.2.8)
      rack-ssl (~> 1.3.2)
      rake (>= 0.8.7)
      rdoc (~> 3.4)
      thor (>= 0.14.6, < 2.0)
    rake (0.9.2.2)
    rb-fsevent (0.9.2)
    rdoc (3.12)
      json (~> 1.4)
    redcarpet (2.1.1)
    reportbuilder (1.4.2)
      clbustos-rtf (~> 0.4.0)
      prawn (~> 0.8.4)
      prawn-svg (~> 0.9.1)
      text-table (~> 1.2)
    require_relative (1.0.3)
    rest-client (1.6.7)
      mime-types (>= 1.16)
    rgl (0.4.0)
      rake
      stream (>= 0.5)
    rserve-client (0.2.5)
    rspec (2.11.0)
      rspec-core (~> 2.11.0)
      rspec-expectations (~> 2.11.0)
      rspec-mocks (~> 2.11.0)
    rspec-core (2.11.1)
    rspec-expectations (2.11.3)
      diff-lcs (~> 1.1.3)
    rspec-mocks (2.11.3)
    rspec-rails (2.11.0)
      actionpack (>= 3.0)
      activesupport (>= 3.0)
      railties (>= 3.0)
      rspec (~> 2.11.0)
    ruby-ole (1.2.11.4)
    ruby_gntp (0.3.4)
    rubyvis (0.5.2)
    rubyzip (0.9.9)
    rvm-capistrano (1.2.7)
      capistrano (>= 2.0.0)
    sass (3.2.1)
    sass-rails (3.2.5)
      railties (~> 3.2.0)
      sass (>= 3.1.10)
      tilt (~> 1.3)
    selenium-webdriver (2.25.0)
      childprocess (>= 0.2.5)
      libwebsocket (~> 0.1.3)
      multi_json (~> 1.0)
      rubyzip
    simplecov (0.6.4)
      multi_json (~> 1.0)
      simplecov-html (~> 0.5.3)
    simplecov-html (0.5.3)
    slop (3.3.3)
    spoon (0.0.1)
    spork (1.0.0rc3)
    spork-rails (3.2.0)
      rails (>= 3.0.0, < 3.3.0)
      spork (>= 1.0rc0)
    spreadsheet (0.6.9)
      ruby-ole (>= 1.0)
    sprockets (2.1.3)
      hike (~> 1.2)
      rack (~> 1.0)
      tilt (~> 1.1, != 1.3.0)
    statsample (1.2.0)
      dirty-memoize (~> 0.0)
      distribution (~> 0.6)
      extendmatrix (~> 0.3.1)
      fastercsv (> 0)
      minimization (~> 0.2.0)
      reportbuilder (~> 1.4)
      rserve-client (~> 0.2.5)
      rubyvis (~> 0.5)
      spreadsheet (~> 0.6.5)
      statsample-bivariate-extension (> 0)
    statsample-bivariate-extension (1.1.0)
      distribution (~> 0.6)
    stream (0.5)
    sys-proctable (0.9.1)
    text-table (1.2.2)
    therubyracer (0.10.2)
      libv8 (~> 3.3.10)
    therubyrhino (2.0.1)
      therubyrhino_jar (>= 1.7.3)
    therubyrhino_jar (1.7.4)
    thin (1.5.0)
      daemons (>= 1.0.9)
      eventmachine (>= 0.12.6)
      rack (>= 1.0.0)
    thor (0.16.0)
    tilt (1.3.3)
    treetop (1.4.10)
      polyglot
      polyglot (>= 0.3.1)
    tzinfo (0.3.33)
    uglifier (1.3.0)
      execjs (>= 0.3.0)
      multi_json (~> 1.0, >= 1.0.2)
    uuidtools (2.1.3)
    will_paginate (3.0.3)
    xpath (0.1.4)
      nokogiri (~> 1.3)
    yard (0.8.2.1)
    yard-rest (1.1.4)
      yard (~> 0.8.1)
    zencoder (2.4.3)
      multi_json
    zip (2.0.2)

PLATFORMS
  java
  ruby

DEPENDENCIES
  RedCloth
  activerecord-jdbcpostgresql-adapter
  autotest
  capistrano
  capistrano-ext
  capybara (~> 1.1)
  capybara-screenshot
  coffee-filter (~> 0.1.1)
  coffee-rails (~> 3.2)
  coffee-script (~> 2.2)
  compass-rails
  composite_primary_keys
  cucumber (~> 1.2)
  cucumber-rails (~> 1.3)
  database_cleaner
  execjs
  factory_girl (~> 4.0)
  factory_girl_rails (~> 4.0)
  faker
  faraday
  foreigner
  guard (~> 1.3)
  guard-cucumber (~> 1.2)
  guard-rspec (~> 1.2)
  guard-spork (~> 1.1)
  haml (~> 3.1)
  haml_assets
  haml_coffee_assets
  irwi!
  jdbc-postgres
  jquery-rails (= 1.0.16)
  jquery-tmpl-rails (~> 1.1)
  jruby-openssl
  json (~> 1.7)
  launchy
  ledermann-rails-settings
  memcache-client
  nested_set (~> 1.7)
  net-ldap!
  newrelic_rpm (~> 3.4)
  nkss-rails!
  nokogiri
  pg
  poltergeist
  pry
  quiet_assets
  railroady
  rails (= 3.2.8)
  rails_autolink (~> 1.0)
  rb-fsevent (~> 0.9)
  redcarpet
  require_relative
  rest-client
  rgl (~> 0.4.0)
  rspec-rails
  ruby_gntp (~> 0.3.4)
  rvm-capistrano
  sass (~> 3.2)
  sass-rails (~> 3.2)
  selenium-webdriver (~> 2.25)
  simplecov (~> 0.6)
  spork-rails
  statsample
  therubyracer
  therubyrhino
  thin
  uglifier (~> 1.2)
  uuidtools (~> 2.1.3)
  will_paginate (~> 3.0)
  yard (~> 0.8.2.1)
  yard-rest (~> 1.1.4)
  zencoder (~> 2.4)
  zip (~> 2.0.2)
